GIT
  remote: https://github.com/hybridgroup/gitnesse.git
  revision: bc01a93d404bbea0d0aabb060f6323a2d495addd
  branch: rails_rake_ready
  specs:
    gitnesse (0.0.1)
      bundler
      gollum (~> 2.3.12)

GEM
  remote: http://rubygems.org/
  specs:
    builder (3.1.4)
    cucumber (1.2.1)
      builder (>= 2.1.2)
      diff-lcs (>= 1.1.3)
      gherkin (~> 2.11.0)
      json (>= 1.4.6)
    diff-lcs (1.1.3)
    gherkin (2.11.5)
      json (>= 1.4.6)
    github-markdown (0.5.3)
    github-markup (0.7.4)
    gollum (2.3.12)
      github-markdown (~> 0.5.1)
      github-markup (>= 0.7.4, < 1.0.0)
      grit (~> 2.5.0)
      mustache (>= 0.99.4, < 1.0.0)
      nokogiri (~> 1.5.5)
      pygments.rb (~> 0.3.2)
      sanitize (~> 2.0.3)
      sinatra (~> 1.3.3)
      stringex (~> 1.4.0)
      useragent (~> 0.4.12)
    grit (2.5.0)
      diff-lcs (~> 1.1)
      mime-types (~> 1.15)
      posix-spawn (~> 0.3.6)
    json (1.7.5)
    mime-types (1.19)
    mustache (0.99.4)
    nokogiri (1.5.5)
    posix-spawn (0.3.6)
    pygments.rb (0.3.2)
      posix-spawn (~> 0.3.6)
      yajl-ruby (~> 1.1.0)
    rack (1.4.1)
    rack-protection (1.2.0)
      rack
    sanitize (2.0.3)
      nokogiri (>= 1.4.4, < 1.6)
    sinatra (1.3.3)
      rack (~> 1.3, >= 1.3.6)
      rack-protection (~> 1.2)
      tilt (~> 1.3, >= 1.3.3)
    stringex (1.4.0)
    tilt (1.3.3)
    useragent (0.4.13)
    yajl-ruby (1.1.0)

PLATFORMS
  ruby

DEPENDENCIES
  cucumber
  gitnesse!
  sinatra
