GIT
  remote: https://github.com/hybridgroup/gitnesse.git
  revision: 7ba08ef722c3f69ddd0e2d3cdf48682a8b15c6f0
  specs:
    gitnesse (1.0.0)
      bundler (~> 1.3)
      git (~> 1.2.6)

GEM
  remote: http://rubygems.org/
  specs:
    builder (3.1.4)
    cucumber (1.2.1)
      builder (>= 2.1.2)
      diff-lcs (>= 1.1.3)
      gherkin (~> 2.11.0)
      json (>= 1.4.6)
    diff-lcs (1.2.4)
    gherkin (2.11.5)
      json (>= 1.4.6)
    git (1.2.6)
    json (1.7.5)
    rack (1.5.2)
    rack-protection (1.5.0)
      rack
    sinatra (1.4.3)
      rack (~> 1.4)
      rack-protection (~> 1.4)
      tilt (~> 1.3, >= 1.3.4)
    tilt (1.4.1)

PLATFORMS
  ruby

DEPENDENCIES
  cucumber
  gitnesse!
  sinatra
